GEM
  remote: http://rubygems.org/
  specs:
    coderay (1.1.0)
    dbd-jdbc (0.1.4)
    ffi (1.9.3-java)
    jdbc-sqlite3 (3.7.2)
    method_source (0.8.2)
    pry (0.9.12.3-java)
      coderay (~> 1.0)
      method_source (~> 0.8)
      slop (~> 3.4)
      spoon (~> 0.0)
    slop (3.4.7)
    spoon (0.0.4)
      ffi

PLATFORMS
  java

DEPENDENCIES
  dbd-jdbc (= 0.1.4)
  jdbc-sqlite3 (= 3.7.2)
  pry
